PATH
  remote: .
  specs:
    my_dash_cheatsheets (0.1.0)

GEM
  remote: https://rubygems.org/
  specs:
    cheatset (1.4.0)
      haml
      plist
      redcarpet
      rouge
      sanitize
      sqlite3
      thor
      unindent
    crass (1.0.6)
    diff-lcs (1.3)
    haml (5.1.2)
      temple (>= 0.8.0)
      tilt
    mini_portile2 (2.5.1)
    nokogiri (1.11.5)
      mini_portile2 (~> 2.5.0)
      racc (~> 1.4)
    nokogumbo (2.0.2)
      nokogiri (~> 1.8, >= 1.8.4)
    plist (3.5.0)
    racc (1.5.2)
    rake (10.5.0)
    redcarpet (3.5.0)
    rouge (3.16.0)
    rspec (3.9.0)
      rspec-core (~> 3.9.0)
      rspec-expectations (~> 3.9.0)
      rspec-mocks (~> 3.9.0)
    rspec-core (3.9.1)
      rspec-support (~> 3.9.1)
    rspec-expectations (3.9.0)
      diff-lcs (>= 1.2.0, < 2.0)
      rspec-support (~> 3.9.0)
    rspec-mocks (3.9.1)
      diff-lcs (>= 1.2.0, < 2.0)
      rspec-support (~> 3.9.0)
    rspec-support (3.9.2)
    sanitize (5.1.0)
      crass (~> 1.0.2)
      nokogiri (>= 1.8.0)
      nokogumbo (~> 2.0)
    sqlite3 (1.4.2)
    temple (0.8.2)
    thor (1.0.1)
    tilt (2.0.10)
    unindent (1.0)

PLATFORMS
  ruby

DEPENDENCIES
  bundler (~> 1.17)
  cheatset
  my_dash_cheatsheets!
  rake (~> 10.0)
  rspec (~> 3.0)

BUNDLED WITH
   1.17.3
